GEM
  remote: https://rubygems.org/
  specs:
    csv (3.1.0)
    ffi (1.10.0)
    natto (1.1.2)
      ffi (>= 1.9.0)
    red-datasets (0.0.8)
      csv (>= 3.0.5)
      rubyzip
    rubyzip (1.2.2)

PLATFORMS
  ruby

DEPENDENCIES
  natto
  red-datasets

BUNDLED WITH
   2.0.1
